GEM
  remote: https://rubygems.org/
  specs:
    influxdb (0.6.0)

PLATFORMS
  ruby

DEPENDENCIES
  influxdb

BUNDLED WITH
   1.16.2
